GEM
  remote: http://rubygems.org/
  specs:
    haml (3.0.25)
    rake (0.8.7)

PLATFORMS
  ruby

DEPENDENCIES
  haml
  rake
