GEM
  remote: http://rubygems.org/
  specs:
    coffee-script (2.1.3)
      coffee-script-source
    coffee-script-source (1.0.1)
    haml (3.0.25)
    rake (0.8.7)

PLATFORMS
  ruby

DEPENDENCIES
  coffee-script
  haml
  rake
